PATH
  remote: .
  specs:
    cloudkit (0.12.0.pre)
      bson (~> 1.1.2)
      bson_ext (~> 1.1.2)
      formatador (= 0.0.10)
      json (~> 1.2.0)
      mongo (~> 1.1.2)
      oauth (~> 0.3)
      rack (~> 1.1)
      ruby-openid (~> 2.1)
      uuid (= 2.0.1)

GEM
  remote: http://rubygems.org/
  specs:
    bson (1.1.2)
    bson_ext (1.1.2)
    formatador (0.0.10)
    json (1.2.4)
    macaddr (1.0.0)
    mongo (1.1.2)
      bson (>= 1.1.1)
    oauth (0.4.3)
    rack (1.2.1)
    rake (0.8.7)
    rspec (1.3.1)
    ruby-openid (2.1.8)
    uuid (2.0.1)
      macaddr (~> 1.0)

PLATFORMS
  ruby

DEPENDENCIES
  bson (~> 1.1.2)
  bson_ext (~> 1.1.2)
  cloudkit!
  formatador (= 0.0.10)
  json (~> 1.2.0)
  mongo (~> 1.1.2)
  oauth (~> 0.3)
  rack (~> 1.1)
  rake
  rspec (~> 1.3)
  ruby-openid (~> 2.1)
  uuid (= 2.0.1)
